GEM
  remote: https://rubygems.org/
  specs:
    albacore (1.0.0)
      nokogiri (~> 1.5)
      rake (~> 10.0)
      rubyzip (~> 1.0)
    mini_portile (0.6.0)
    nokogiri (1.6.3.1-x86-mingw32)
      mini_portile (= 0.6.0)
    rake (10.3.2)
    rubyzip (1.1.6)
    version_bumper (0.3.0)

PLATFORMS
  x86-mingw32

DEPENDENCIES
  albacore (< 2.0.0)
  version_bumper
